GEM
  remote: http://rubygems.org/
  specs:
    cinch (2.2.5)
    cinch-identify (1.7.0)
      cinch (~> 2.0)
    cleverbot-api (0.0.4)
    mini_portile (0.6.2)
    nokogiri (1.6.6.2)
      mini_portile (~> 0.6.0)
    sequel (4.23.0)

PLATFORMS
  ruby

DEPENDENCIES
  cinch
  cinch-identify
  cleverbot-api
  nokogiri
  sequel

BUNDLED WITH
   1.10.4
